GIT
  remote: git://github.com/jjyr/ckb-sdk-ruby.git
  revision: af8b3f28d6611307547b533b37b4f45d3ae1bf43
  branch: support-basic-auth
  specs:
    ckb-sdk-ruby (0.13.0)
      bitcoin-secp256k1 (~> 0.5.0)
      net-http-persistent (~> 3.0.0)
      rbnacl (~> 6.0, >= 6.0.1)

GEM
  remote: https://rubygems.org/
  specs:
    bitcoin-secp256k1 (0.5.1)
      ffi (>= 1.9.25)
    citrus (3.0.2)
    coderay (1.1.2)
    colorize (0.8.1)
    connection_pool (2.2.2)
    ffi (1.11.1)
    method_source (0.9.2)
    net-http-persistent (3.0.1)
      connection_pool (~> 2.2)
    pry (0.12.2)
      coderay (~> 1.1.0)
      method_source (~> 0.9.0)
    rbnacl (6.0.1)
      ffi
    terminal-table (1.8.0)
      unicode-display_width (~> 1.1, >= 1.1.1)
    toml-rb (1.1.2)
      citrus (~> 3.0, > 3.0)
    unicode-display_width (1.5.0)

PLATFORMS
  ruby

DEPENDENCIES
  ckb-sdk-ruby!
  colorize
  pry
  terminal-table
  toml-rb

BUNDLED WITH
   2.0.1
