GIT
  remote: git://github.com/jjyr/ckb-sdk-ruby.git
  revision: 04813e17f57b2880e70d9a378b2bbad8dcee1f17
  branch: upgrade-to-ckb-develop
  specs:
    ckb-sdk-ruby (0.11.0)
      bitcoin-secp256k1 (~> 0.5.0)
      rbnacl (~> 6.0, >= 6.0.1)

GEM
  remote: https://rubygems.org/
  specs:
    bitcoin-secp256k1 (0.5.1)
      ffi (>= 1.9.25)
    coderay (1.1.2)
    colorize (0.8.1)
    ffi (1.10.0)
    method_source (0.9.2)
    pry (0.12.2)
      coderay (~> 1.1.0)
      method_source (~> 0.9.0)
    rbnacl (6.0.1)
      ffi
    terminal-table (1.8.0)
      unicode-display_width (~> 1.1, >= 1.1.1)
    unicode-display_width (1.5.0)

PLATFORMS
  ruby

DEPENDENCIES
  ckb-sdk-ruby!
  colorize
  pry
  terminal-table

BUNDLED WITH
   2.0.1
